GEM
  remote: http://rubygems.org/
  specs:
    awesome_print (1.8.0)
    coderay (1.1.2)
    colorize (0.8.1)
    method_source (1.0.0)
    mini_portile2 (2.8.1)
    nokogiri (1.14.3)
      mini_portile2 (~> 2.8.0)
      racc (~> 1.4)
    pry (0.13.1)
      coderay (~> 1.1)
      method_source (~> 1.0)
    racc (1.6.2)

PLATFORMS
  ruby

DEPENDENCIES
  awesome_print
  colorize
  nokogiri
  pry

BUNDLED WITH
   2.1.4
